GEM
  remote: https://rubygems.org/
  specs:
    aws-sdk (1.8.3.1)
      json (~> 1.4)
      nokogiri (>= 1.4.4)
      uuidtools (~> 2.1)
    capistrano (2.14.2)
      highline
      net-scp (>= 1.0.0)
      net-sftp (>= 2.0.0)
      net-ssh (>= 2.0.14)
      net-ssh-gateway (>= 1.1.0)
    capistrano-s3 (0.2.4)
      aws-sdk
      capistrano
      mime-types
    chunky_png (1.2.7)
    compass (0.12.2)
      chunky_png (~> 1.2)
      fssm (>= 0.2.7)
      sass (~> 3.1)
    fssm (0.2.10)
    highline (1.6.15)
    json (1.7.7)
    mime-types (1.21)
    net-scp (1.1.0)
      net-ssh (>= 2.6.5)
    net-sftp (2.1.1)
      net-ssh (>= 2.6.5)
    net-ssh (2.6.6)
    net-ssh-gateway (1.2.0)
      net-ssh (>= 2.6.5)
    nokogiri (1.5.6)
    sass (3.2.6)
    sassy-buttons (0.1.4)
      compass (>= 0.12.2)
      sass (>= 3.2.0)
    susy (1.0.5)
      compass (>= 0.12.2)
      sass (>= 3.2.0)
    uuidtools (2.1.3)

PLATFORMS
  ruby

DEPENDENCIES
  capistrano-s3
  compass
  sass
  sassy-buttons
  susy
